GEM
  remote: https://rubygems.org/
  specs:
    rake (12.1.0)

PLATFORMS
  ruby

DEPENDENCIES
  rake (~> 12.1)

BUNDLED WITH
   1.16.0.pre.3
